GEM
  remote: http://rubygems.org/
  specs:
    rack (1.2.0)
    rack-rewrite (1.0.2)

PLATFORMS
  ruby

DEPENDENCIES
  rack (= 1.2.0)
  rack-rewrite
